PATH
  remote: .
  specs:
    appsignal_extensions (2.0.0)
      appsignal (~> 2)

GEM
  remote: https://rubygems.org/
  specs:
    appsignal (2.11.10)
      rack
    ast (2.4.2)
    diff-lcs (1.5.0)
    parallel (1.21.0)
    parser (3.1.0.0)
      ast (~> 2.4.1)
    psych (4.0.3)
      stringio
    rack (2.2.3)
    rack-test (1.1.0)
      rack (>= 1.0, < 3)
    rainbow (3.1.1)
    rake (10.5.0)
    rdoc (6.4.0)
      psych (>= 4.0.0)
    regexp_parser (2.2.0)
    rexml (3.2.5)
    rspec (3.2.0)
      rspec-core (~> 3.2.0)
      rspec-expectations (~> 3.2.0)
      rspec-mocks (~> 3.2.0)
    rspec-core (3.2.3)
      rspec-support (~> 3.2.0)
    rspec-expectations (3.2.1)
      diff-lcs (>= 1.2.0, < 2.0)
      rspec-support (~> 3.2.0)
    rspec-mocks (3.2.1)
      diff-lcs (>= 1.2.0, < 2.0)
      rspec-support (~> 3.2.0)
    rspec-support (3.2.2)
    rubocop (1.25.0)
      parallel (~> 1.10)
      parser (>= 3.1.0.0)
      rainbow (>= 2.2.2, < 4.0)
      regexp_parser (>= 1.8, < 3.0)
      rexml
      rubocop-ast (>= 1.15.1, < 2.0)
      ruby-progressbar (~> 1.7)
      unicode-display_width (>= 1.4.0, < 3.0)
    rubocop-ast (1.15.1)
      parser (>= 3.0.1.1)
    ruby-progressbar (1.11.0)
    stringio (3.0.1)
    unicode-display_width (2.1.0)

PLATFORMS
  x86_64-darwin-20

DEPENDENCIES
  appsignal_extensions!
  bundler (~> 2.0)
  rack-test
  rake (~> 10)
  rdoc (~> 6)
  rspec (~> 3.2.0)
  rubocop (~> 1.21)

BUNDLED WITH
   2.3.4
